{
  "TaskName": "stroop",
  "InstitutionAddress": "",
  "InstitutionName": "University of South Florida (USF) or Brigham Young University (BYU)",
  "InstitutionalDepartmentName": "USF: Department of Psychology; BYU: Department of Psychology, Neuroscience Center",
  "PowerLineFrequency": 60,
  "Manufacturer": "Electrical Geodesics, Inc.",
  "ManufacturersModelName": "n/a",
  "SoftwareVersions": "Net Station",
  "DeviceSerialNumber": "n/a",
  "HardwareFilters": {
    "Online_Lowpass": {
      "HalfPowerCutoff": "2000 Hz",
      "Type": "delta-sigma sinc"
    }
  },
  "CapManufacturer": "Electrical Geodesics, Inc.",
  "CapManufacturersModelName": "HydroCel Geodesic Sensor Net 128",
  "EEGPlacementScheme": "HydroCel Geodesic Sensor Net 128",
  "EEGReference": "Cz",
  "EEGGround": "COM",
  "EEGChannelCount": 129,
  "EOGChannelCount": 0,
  "ECGChannelCount": 0,
  "EMGChannelCount": 0,
  "MiscChannelCount": 0,
  "TriggerChannelCount": 0,
  "RecordingType": "continuous",
  "RecordingDuration": 576.664,
  "SamplingFrequency": 500,
  "SubjectArtefactDescription": "Counterbalance order 5: gonogo > stroop > flanker.",
  "SoftwareFilters": "n/a",
  "Description": "EEG recording metadata.",
  "StimulusPresentation": {
    "SoftwareName": "E-Prime"
  },
  "TaskDescription": "Participants responded based on stimulus color while ignoring word meaning, with congruent, incongruent, and neutral trials. More detailed task information is available at https://osf.io/8cbua/.",
  "Instructions": "n/a",
  "CogAtlasID": "n/a",
  "CogPOID": "n/a"
}